GEM
  remote: https://rubygems.org/
  specs:
    firebase (0.2.6)
      httpclient
      json
    httpclient (2.8.3)
    json (2.1.0)
    jwt (2.1.0)
    rack (1.6.5)
    rack-protection (1.5.3)
      rack
    sinatra (1.4.8)
      rack (~> 1.5)
      rack-protection (~> 1.4)
      tilt (>= 1.3, < 3)
    tilt (2.0.7)

PLATFORMS
  ruby
  x86-mingw32

DEPENDENCIES
  firebase
  jwt
  sinatra

RUBY VERSION
   ruby 2.4.1p111

BUNDLED WITH
   1.16.0
